GEM
  remote: http://rubygems.org/
  specs:
    hiera-eyaml (2.1.0)
      highline (~> 1.6.19)
      trollop (~> 2.0)
    highline (1.6.21)
    trollop (2.1.2)

PLATFORMS
  ruby

DEPENDENCIES
  hiera-eyaml

BUNDLED WITH
   1.13.6
